PATH
  remote: .
  specs:
    kodougu (0.2.3)
      slop (~> 4.8)

GEM
  remote: https://rubygems.org/
  specs:
    power_assert (1.2.0)
    rake (13.0.1)
    slop (4.8.2)
    test-unit (3.3.6)
      power_assert

PLATFORMS
  ruby

DEPENDENCIES
  kodougu!
  rake (~> 13.0)
  test-unit (~> 3.3)

BUNDLED WITH
   2.1.4
