PATH
  remote: .
  specs:
    kodougu (0.2.8)
      slop (~> 4.8)

GEM
  remote: https://rubygems.org/
  specs:
    minitest (5.14.2)
    rake (13.0.1)
    slop (4.8.2)

PLATFORMS
  ruby

DEPENDENCIES
  kodougu!
  minitest (~> 5.0)
  rake (~> 13.0)

BUNDLED WITH
   2.2.3
