PATH
  remote: .
  specs:
    kodougu (0.2.8)
      slop (~> 4.8)

GEM
  remote: https://rubygems.org/
  specs:
    minitest (5.16.3)
    rake (13.0.6)
    slop (4.9.3)

PLATFORMS
  x86_64-darwin-22

DEPENDENCIES
  kodougu!
  minitest (~> 5.0)
  rake (~> 13.0)

BUNDLED WITH
   2.3.26
